GIT
  remote: https://github.com/DatabaseCleaner/database_cleaner.git
  revision: f38779a65b5c8e153b47793314055ccbc56ae326
  specs:
    database_cleaner (1.5.1)

GEM
  remote: https://rubygems.org/
  specs:
    aasm (4.10.0)
    activemodel (4.2.6)
      activesupport (= 4.2.6)
      builder (~> 3.1)
    activesupport (4.2.6)
      i18n (~> 0.7)
      json (~> 1.7, >= 1.7.7)
      minitest (~> 5.1)
      thread_safe (~> 0.3, >= 0.3.4)
      tzinfo (~> 1.1)
    ast (2.2.0)
    bcrypt (3.1.11)
    bson (4.0.4)
    builder (3.2.2)
    byebug (8.2.2)
    citrus (3.0.2)
    coderay (1.1.1)
    daemons (1.2.3)
    diff-lcs (1.2.5)
    dotenv (2.1.1)
    eventmachine (1.2.0.1)
    factory_girl (4.7.0)
      activesupport (>= 3.0.0)
    ffaker (2.2.0)
    ffi (1.9.10)
    formatador (0.2.5)
    git-version-bump (0.15.1)
    guard (2.13.0)
      formatador (>= 0.2.4)
      listen (>= 2.7, <= 4.0)
      lumberjack (~> 1.0)
      nenv (~> 0.1)
      notiffany (~> 0.0)
      pry (>= 0.9.12)
      shellany (~> 0.0)
      thor (>= 0.18.1)
    guard-compat (1.2.1)
    guard-rspec (4.6.5)
      guard (~> 2.1)
      guard-compat (~> 1.1)
      rspec (>= 2.99.0, < 4.0)
    i18n (0.7.0)
    jbuilder (2.4.1)
      activesupport (>= 3.0.0, < 5.1)
      multi_json (~> 1.2)
    json (1.8.3)
    jwt (1.5.4)
    listen (3.0.6)
      rb-fsevent (>= 0.9.3)
      rb-inotify (>= 0.9.7)
    lumberjack (1.0.10)
    method_source (0.8.2)
    minitest (5.8.4)
    mongo (2.2.4)
      bson (~> 4.0)
    mongoid (5.1.2)
      activemodel (~> 4.0)
      mongo (~> 2.1)
      origin (~> 2.2)
      tzinfo (>= 0.3.37)
    mongoid-rspec (3.0.0)
      mongoid (~> 5.0)
      rake
      rspec (~> 3.3)
    multi_json (1.11.2)
    nenv (0.3.0)
    notiffany (0.0.8)
      nenv (~> 0.1)
      shellany (~> 0.0)
    origin (2.2.0)
    parser (2.3.0.7)
      ast (~> 2.2)
    powerpack (0.1.1)
    pry (0.10.3)
      coderay (~> 1.1.0)
      method_source (~> 0.8.1)
      slop (~> 3.4)
    pry-byebug (3.3.0)
      byebug (~> 8.0)
      pry (~> 0.10)
    pundit (1.1.0)
      activesupport (>= 3.0.0)
    rack (1.6.4)
    rack-contrib (1.4.0)
      git-version-bump (~> 0.15)
      rack (~> 1.4)
    rack-jwt (0.3.0)
      jwt (~> 1.5.2)
      rack (>= 1.6.0)
    rack-protection (1.5.3)
      rack
    rack-test (0.6.3)
      rack (>= 1.0)
    rainbow (2.1.0)
    rake (11.1.2)
    rb-fsevent (0.9.7)
    rb-inotify (0.9.7)
      ffi (>= 0.5.0)
    rspec (3.4.0)
      rspec-core (~> 3.4.0)
      rspec-expectations (~> 3.4.0)
      rspec-mocks (~> 3.4.0)
    rspec-core (3.4.4)
      rspec-support (~> 3.4.0)
    rspec-expectations (3.4.0)
      diff-lcs (>= 1.2.0, < 2.0)
      rspec-support (~> 3.4.0)
    rspec-mocks (3.4.1)
      diff-lcs (>= 1.2.0, < 2.0)
      rspec-support (~> 3.4.0)
    rspec-support (3.4.1)
    rubocop (0.39.0)
      parser (>= 2.3.0.7, < 3.0)
      powerpack (~> 0.1)
      rainbow (>= 1.99.1, < 3.0)
      ruby-progressbar (~> 1.7)
      unicode-display_width (~> 1.0, >= 1.0.1)
    rubocop-rspec (1.4.1)
      rubocop (= 0.39.0)
    ruby-progressbar (1.7.5)
    shellany (0.0.1)
    sinatra (1.4.7)
      rack (~> 1.5)
      rack-protection (~> 1.4)
      tilt (>= 1.3, < 3)
    slop (3.6.0)
    thin (1.6.4)
      daemons (~> 1.0, >= 1.0.9)
      eventmachine (~> 1.0, >= 1.0.4)
      rack (~> 1.0)
    thor (0.19.1)
    thread_safe (0.3.5)
    tilt (2.0.2)
    tilt-jbuilder (0.7.1)
      jbuilder
      tilt (>= 1.3.0, < 3)
    toml-rb (0.3.13)
      citrus (~> 3.0, > 3.0)
    tzinfo (1.2.2)
      thread_safe (~> 0.1)
    unicode-display_width (1.0.3)
    will_paginate (3.1.0)
    yajl-ruby (1.2.1)

PLATFORMS
  ruby

DEPENDENCIES
  aasm
  bcrypt
  byebug
  database_cleaner!
  dotenv
  factory_girl
  ffaker
  guard
  guard-rspec
  jbuilder
  mongoid
  mongoid-rspec
  pry
  pry-byebug
  pundit
  rack-contrib
  rack-jwt
  rack-test
  rake
  rspec
  rubocop
  rubocop-rspec
  sinatra
  thin
  tilt-jbuilder
  toml-rb
  will_paginate
  yajl-ruby

BUNDLED WITH
   1.11.2
